GEM
  remote: https://rubygems.org/
  specs:
    albertoms_palindrome (0.3.2)
    ansi (1.5.0)
    builder (3.2.4)
    daemons (1.3.1)
    eventmachine (1.2.7)
    ffi (1.12.2)
    listen (3.2.1)
      rb-fsevent (~> 0.10, >= 0.10.3)
      rb-inotify (~> 0.9, >= 0.9.10)
    mini_portile2 (2.4.0)
    minitest (5.14.0)
    minitest-reporters (1.4.2)
      ansi
      builder
      minitest (>= 5.0)
      ruby-progressbar
    mustermann (2.0.2)
      ruby2_keywords (~> 0.0.1)
    nokogiri (1.10.9)
      mini_portile2 (~> 2.4.0)
    rack (2.2.4)
    rack-protection (2.2.3)
      rack
    rack-test (1.1.0)
      rack (>= 1.0, < 3)
    rake (13.0.1)
    rb-fsevent (0.10.3)
    rb-inotify (0.10.1)
      ffi (~> 1.0)
    rerun (0.13.0)
      listen (~> 3.0)
    ruby-progressbar (1.10.1)
    ruby2_keywords (0.0.5)
    sinatra (2.2.3)
      mustermann (~> 2.0)
      rack (~> 2.2)
      rack-protection (= 2.2.3)
      tilt (~> 2.0)
    thin (1.7.2)
      daemons (~> 1.0, >= 1.0.9)
      eventmachine (~> 1.0, >= 1.0.4)
      rack (>= 1, < 3)
    tilt (2.0.11)

PLATFORMS
  ruby

DEPENDENCIES
  albertoms_palindrome (= 0.3.2)
  minitest (= 5.14.0)
  minitest-reporters (= 1.4.2)
  nokogiri (= 1.10.9)
  rack-test (= 1.1.0)
  rake (= 13.0.1)
  rerun (= 0.13.0)
  sinatra (= 2.2.3)
  thin (= 1.7.2)

BUNDLED WITH
   2.1.4
